GEM
  remote: https://rubygems.org/
  specs:
    httparty (0.14.0)
      multi_xml (>= 0.5.2)
    mini_portile2 (2.1.0)
    multi_xml (0.6.0)
    nokogiri (1.7.0.1)
      mini_portile2 (~> 2.1.0)
    redis (3.3.3)
    rubyzip (1.2.1)

PLATFORMS
  ruby

DEPENDENCIES
  httparty
  nokogiri
  redis (~> 3.2)
  rubyzip

BUNDLED WITH
   1.14.4
